GEM
  remote: http://rubygems.org/
  specs:
    rack (1.2.1)
    rmagick (2.13.1)
    shotgun (0.9)
      rack (>= 1.0)
    sinatra (1.1.0)
      rack (~> 1.1)
      tilt (~> 1.1)
    tilt (1.1)

PLATFORMS
  ruby

DEPENDENCIES
  rmagick (~> 2.0)
  shotgun (~> 0.9)
  sinatra (~> 1.1)
